GEM
  remote: http://rubygems.org/
  specs:
    addressable (2.2.8)
    diff-lcs (1.1.3)
    faraday (0.5.7)
      addressable (~> 2.2.4)
      multipart-post (~> 1.1.0)
      rack (>= 1.1.0, < 2)
    faraday_middleware (0.3.2)
      faraday (~> 0.5.4)
    git (1.2.5)
    hashie (0.4.0)
    jeweler (1.8.3)
      bundler (~> 1.0)
      git (>= 1.2.5)
      rake
      rdoc
    json (1.7.3)
    multi_json (0.0.5)
    multi_xml (0.2.2)
    multipart-post (1.1.5)
    rack (1.4.1)
    rake (0.9.2.2)
    rdoc (3.12)
      json (~> 1.4)
    rspec (2.8.0)
      rspec-core (~> 2.8.0)
      rspec-expectations (~> 2.8.0)
      rspec-mocks (~> 2.8.0)
    rspec-core (2.8.0)
    rspec-expectations (2.8.0)
      diff-lcs (~> 1.1.2)
    rspec-mocks (2.8.0)
    simple_oauth (0.1.8)
    twitter (1.1.1)
      faraday (~> 0.5.4)
      faraday_middleware (~> 0.3.1)
      hashie (~> 0.4.0)
      multi_json (~> 0.0.5)
      multi_xml (~> 0.2.0)
      simple_oauth (~> 0.1.3)

PLATFORMS
  ruby

DEPENDENCIES
  bundler
  jeweler (~> 1.8.3)
  rdoc (~> 3.12)
  rspec (~> 2.8.0)
  twitter (= 1.1.1)
